GEM
  remote: https://rubygems.org/
  specs:
    similar_text (0.0.4)

PLATFORMS
  ruby

DEPENDENCIES
  similar_text
