GEM
  remote: https://rubygems.org/
  specs:
    levenshtein (0.2.2)
    similar_text (0.0.4)

PLATFORMS
  ruby

DEPENDENCIES
  levenshtein
  similar_text
